PATH
  remote: .
  specs:
    titanium_cli (0.0.2)

GEM
  specs:

PLATFORMS
  ruby

DEPENDENCIES
  titanium_cli!
